GEM
  remote: http://rubygems.org/
  specs:
    net-ldap (0.3.1)

PLATFORMS
  ruby

DEPENDENCIES
  net-ldap
