GEM
  remote: http://rubygems.org/
  specs:
    icalendar (1.2.0)
    nokogiri (1.5.5)

PLATFORMS
  ruby

DEPENDENCIES
  icalendar
  nokogiri
