GIT
  remote: https://github.com/Slicertje/Slugify.git
  revision: 45bb070fd30406548865337297d57fc61b4931ee
  specs:
    slugify (1.0.5)

GEM
  remote: http://rubygems.org/
  specs:
    icalendar (1.2.0)
    nokogiri (1.5.5)

PLATFORMS
  ruby

DEPENDENCIES
  icalendar
  nokogiri
  slugify!
